{
  "Modality": "MR",
  "MagneticFieldStrength": 3,
  "Manufacturer": "Siemens",
  "ManufacturersModelName": "TrioTim",
  "ScanningSequence": "EP",
  "SequenceVariant": "SK_SP",
  "ImageType": [
    "ORIGINAL",
    "PRIMARY",
    "DIFFUSION",
    "NONE",
    "ND",
    "MOSAIC"
  ],
  "SliceThickness": 2,
  "SpacingBetweenSlices": 2,
  "EchoTime": 0.085,
  "RepetitionTime": 8.8,
  "FlipAngle": 90,
  "BandwidthPerPixelPhaseEncode": 21.404,
  "EffectiveEchoSpacing": 0.000365002,
  "TotalReadoutTime": 0.0463552,
  "PixelBandwidth": 2170,
  "PhaseEncodingDirection": "j-",
  "SliceTiming": [
    4.4175,
    0,
    4.5425,
    0.125,
    4.67,
    0.2525,
    4.795,
    0.3775,
    4.9225,
    0.505,
    5.0475,
    0.63,
    5.1725,
    0.7575,
    5.3,
    0.8825,
    5.425,
    1.01,
    5.5525,
    1.135,
    5.6775,
    1.2625,
    5.805,
    1.3875,
    5.93,
    1.515,
    6.0575,
    1.64,
    6.1825,
    1.765,
    6.31,
    1.8925,
    6.435,
    2.0175,
    6.5625,
    2.145,
    6.6875,
    2.27,
    6.815,
    2.3975,
    6.94,
    2.5225,
    7.0675,
    2.65,
    7.1925,
    2.775,
    7.32,
    2.9025,
    7.445,
    3.0275,
    7.5725,
    3.155,
    7.6975,
    3.28,
    7.825,
    3.4075,
    7.95,
    3.5325,
    8.0775,
    3.66,
    8.2025,
    3.785,
    8.33,
    3.9125,
    8.455,
    4.0375,
    8.58,
    4.165,
    8.7075,
    4.29
  ]
}