{
	"Modality": "MR",
	"MagneticFieldStrength": 3,
	"ImagingFrequency": 123.204,
	"Manufacturer": "Siemens",
	"ManufacturersModelName": "TrioTim",
	"ScanningSequence": "SE",
	"SequenceVariant": "SK_SP_OSP",
	"ImageType": ["ORIGINAL", "PRIMARY", "M", "ND", "NORM"],
	"SliceThickness": 3,
	"SpacingBetweenSlices": 3,
	"EchoTime": 0.09,
	"RepetitionTime": 7,
	"FlipAngle": 180,
	"PhaseEncodingDirection": "i"
}
