{
	"TaskName": "risk choice task",
	"Modality": "MR",
	"MagneticFieldStrength": 3,
	"Manufacturer": "Siemens",
	"ManufacturersModelName": "TrioTim",
	"ScanningSequence": "EP",
	"SequenceVariant": "SK",
	"ImageType": ["ORIGINAL", "PRIMARY", "M", "ND", "MOSAIC"],
	"SliceThickness": 3,
	"SpacingBetweenSlices": 3,
	"EchoTime": 0.025,
	"RepetitionTime": 3,
	"FlipAngle": 75,
	"BandwidthPerPixelPhaseEncode": 31.25,
	"EffectiveEchoSpacing": 0.0005,
	"TotalReadoutTime": 0.0315,
	"PixelBandwidth": 3005,
	"PhaseEncodingDirection": "j-",
	"SliceTiming": [
		0,
		1.5225,
		0.055,
		1.58,
		0.1125,
		1.6375,
		0.17,
		1.6925,
		0.225,
		1.75,
		0.2825,
		1.805,
		0.3375,
		1.8625,
		0.395,
		1.92,
		0.45,
		1.975,
		0.5075,
		2.0325,
		0.565,
		2.0875,
		0.62,
		2.145,
		0.6775,
		2.2,
		0.7325,
		2.2575,
		0.79,
		2.315,
		0.8475,
		2.37,
		0.9025,
		2.4275,
		0.96,
		2.4825,
		1.015,
		2.54,
		1.0725,
		2.595,
		1.1275,
		2.6525,
		1.185,
		2.71,
		1.2425,
		2.765,
		1.2975,
		2.8225,
		1.355,
		2.8775,
		1.41,
		2.935,
		1.4675	]
}
