{
	"TaskName": "risk choice task",
	"Modality": "MR",
	"MagneticFieldStrength": 3,
	"Manufacturer": "Siemens",
	"ManufacturersModelName": "TrioTim",
	"ScanningSequence": "EP",
	"SequenceVariant": "SK",
	"ImageType": ["ORIGINAL", "PRIMARY", "M", "ND", "MOSAIC"],
	"SliceThickness": 3,
	"SpacingBetweenSlices": 3,
	"EchoTime": 0.028,
	"RepetitionTime": 3.44,
	"FlipAngle": 75,
	"BandwidthPerPixelPhaseEncode": 31.25,
	"EffectiveEchoSpacing": 0.000689998,
	"TotalReadoutTime": 0.0434699,
	"PixelBandwidth": 3005,
	"PhaseEncodingDirection": "i",
	"SliceTiming": [
		0,
		1.7475,
		0.065,
		1.8125,
		0.13,
		1.8775,
		0.1925,
		1.9425,
		0.2575,
		2.0075,
		0.3225,
		2.0725,
		0.3875,
		2.1375,
		0.4525,
		2.2025,
		0.5175,
		2.2675,
		0.5825,
		2.3325,
		0.6475,
		2.395,
		0.7125,
		2.46,
		0.7775,
		2.525,
		0.8425,
		2.59,
		0.905,
		2.655,
		0.97,
		2.72,
		1.035,
		2.785,
		1.1,
		2.85,
		1.165,
		2.915,
		1.23,
		2.98,
		1.295,
		3.045,
		1.36,
		3.1075,
		1.425,
		3.1725,
		1.49,
		3.2375,
		1.555,
		3.3025,
		1.6175,
		3.3675,
		1.6825	]
}
