{
	"TaskName": "intertemporal choice task",
	"Modality": "MR",
	"MagneticFieldStrength": 3,
	"Manufacturer": "Siemens",
	"ManufacturersModelName": "TrioTim",
	"ScanningSequence": "EP",
	"SequenceVariant": "SK",
	"ImageType": ["ORIGINAL", "PRIMARY", "M", "ND", "MOSAIC"],
	"SliceThickness": 3,
	"SpacingBetweenSlices": 3,
	"EchoTime": 0.028,
	"RepetitionTime": 3.44,
	"FlipAngle": 75,
	"BandwidthPerPixelPhaseEncode": 31.25,
	"EffectiveEchoSpacing": 0.000689998,
	"TotalReadoutTime": 0.0434699,
	"PixelBandwidth": 3005,
	"PhaseEncodingDirection": "i",
	"SliceTiming": [
		0,
		1.75,
		0.065,
		1.815,
		0.13,
		1.88,
		0.195,
		1.945,
		0.26,
		2.01,
		0.325,
		2.075,
		0.39,
		2.1375,
		0.455,
		2.2025,
		0.52,
		2.2675,
		0.585,
		2.3325,
		0.65,
		2.3975,
		0.7125,
		2.4625,
		0.7775,
		2.5275,
		0.8425,
		2.5925,
		0.9075,
		2.6575,
		0.9725,
		2.7225,
		1.0375,
		2.7875,
		1.1025,
		2.85,
		1.1675,
		2.915,
		1.2325,
		2.98,
		1.2975,
		3.045,
		1.3625,
		3.11,
		1.425,
		3.175,
		1.49,
		3.24,
		1.555,
		3.305,
		1.62,
		3.37,
		1.685	]
}
